GEM
  remote: https://rubygems.org/
  specs:
    hemp (1.0.0)

PLATFORMS
  ruby

DEPENDENCIES
  hemp

BUNDLED WITH
   1.10.6
